GEM
  remote: https://rubygems.org/
  specs:
    builder (3.2.0)
    celluloid (0.13.0)
      timers (>= 1.0.0)
    celluloid-pmap (0.1.0)
      celluloid (~> 0.12)
    diff-lcs (1.2.3)
    excon (0.20.1)
    fog (1.8.0)
      builder
      excon (~> 0.14)
      formatador (~> 0.2.0)
      mime-types
      multi_json (~> 1.0)
      net-scp (~> 1.0.4)
      net-ssh (>= 2.1.3)
      nokogiri (~> 1.5.0)
      ruby-hmac
    formatador (0.2.4)
    mime-types (1.22)
    multi_json (1.7.2)
    net-scp (1.0.4)
      net-ssh (>= 1.99.1)
    net-ssh (2.5.2)
    nokogiri (1.5.9)
    rspec (2.13.0)
      rspec-core (~> 2.13.0)
      rspec-expectations (~> 2.13.0)
      rspec-mocks (~> 2.13.0)
    rspec-core (2.13.1)
    rspec-expectations (2.13.0)
      diff-lcs (>= 1.1.3, < 2.0)
    rspec-mocks (2.13.1)
    ruby-hmac (0.4.0)
    timers (1.1.0)

PLATFORMS
  ruby

DEPENDENCIES
  celluloid-pmap
  fog (~> 1.8.0)
  net-ssh (~> 2.5.0)
  rspec
